PATH
  remote: .
  specs:
    rack-csrf (0.1.0)
      rack (>= 3.0.0)

GEM
  remote: https://rubygems.org/
  specs:
    date (3.4.1)
    debug (1.11.0)
      irb (~> 1.10)
      reline (>= 0.3.8)
    erb (5.0.1)
    io-console (0.8.0)
    irb (1.15.2)
      pp (>= 0.6.0)
      rdoc (>= 4.0.0)
      reline (>= 0.4.2)
    minitest (5.25.5)
    pp (0.6.2)
      prettyprint
    prettyprint (0.2.0)
    psych (5.2.6)
      date
      stringio
    rack (3.1.16)
    rack-test (2.2.0)
      rack (>= 1.3)
    rake (13.3.0)
    rdoc (6.14.2)
      erb
      psych (>= 4.0.0)
    reline (0.6.1)
      io-console (~> 0.5)
    stringio (3.1.7)

PLATFORMS
  ruby
  x86_64-linux

DEPENDENCIES
  debug
  irb
  minitest (~> 5.16)
  rack-csrf!
  rack-test
  rake (~> 13.0)

BUNDLED WITH
   2.6.7
